GEM
  remote: https://rubygems.org/
  specs:
    awesome_print (1.7.0)
    ethon (0.9.1)
      ffi (>= 1.3.0)
    ffi (1.9.14)
    typhoeus (1.1.0)
      ethon (>= 0.9.0)

PLATFORMS
  ruby

DEPENDENCIES
  awesome_print
  typhoeus

BUNDLED WITH
   1.11.2
