GEM
  remote: https://rubygems.org/
  specs:
    awesome_print (1.7.0)
    byebug (9.0.5)
    coderay (1.1.1)
    ethon (0.9.1)
      ffi (>= 1.3.0)
    facebook-messenger (0.10.0)
      httparty (~> 0.13, >= 0.13.7)
      rack (>= 1.6.4)
    ffi (1.9.14)
    httparty (0.14.0)
      multi_xml (>= 0.5.2)
    method_source (0.8.2)
    multi_xml (0.5.5)
    pry (0.10.4)
      coderay (~> 1.1.0)
      method_source (~> 0.8.1)
      slop (~> 3.4)
    pry-byebug (3.4.0)
      byebug (~> 9.0)
      pry (~> 0.10)
    puma (3.6.0)
    rack (2.0.1)
    slop (3.6.0)
    typhoeus (1.1.0)
      ethon (>= 0.9.0)
    wit (4.1.0)

PLATFORMS
  ruby

DEPENDENCIES
  awesome_print
  facebook-messenger
  pry-byebug
  puma
  typhoeus
  wit

BUNDLED WITH
   1.11.2
